PATH
  remote: .
  specs:
    log_sense (1.2.0)
      apache_log-parser
      browser
      ipaddr
      iso_country_codes
      sqlite3
      terminal-table

GEM
  remote: https://rubygems.org/
  specs:
    apache_log-parser (3.1.2)
    browser (5.3.1)
    byebug (11.1.3)
    ipaddr (1.2.3)
    iso_country_codes (0.7.8)
    minitest (5.14.4)
    rake (12.3.3)
    sqlite3 (1.4.2)
    terminal-table (3.0.2)
      unicode-display_width (>= 1.1.1, < 3)
    unicode-display_width (2.1.0)

PLATFORMS
  ruby

DEPENDENCIES
  byebug
  log_sense!
  minitest
  rake (~> 12.0)

BUNDLED WITH
   2.2.29
