PATH
  remote: .
  specs:
    log_sense (1.5.2)
      browser
      ipaddr
      iso_country_codes
      sqlite3
      terminal-table

GEM
  remote: https://rubygems.org/
  specs:
    browser (5.3.1)
    debug (1.6.2)
      irb (>= 1.3.6)
      reline (>= 0.3.1)
    io-console (0.5.11)
    ipaddr (1.2.4)
    irb (1.4.1)
      reline (>= 0.3.0)
    iso_country_codes (0.7.8)
    minitest (5.15.0)
    rake (12.3.3)
    reline (0.3.1)
      io-console (~> 0.5)
    sqlite3 (1.4.4)
    terminal-table (3.0.2)
      unicode-display_width (>= 1.1.1, < 3)
    unicode-display_width (2.2.0)

PLATFORMS
  ruby

DEPENDENCIES
  debug
  log_sense!
  minitest
  rake (~> 12.0)

BUNDLED WITH
   2.3.3
