PATH
  remote: .
  specs:
    log_sense (2.2.0)
      browser (~> 5.3.0)
      ipaddr (~> 1.2.0)
      iso_country_codes (~> 0.7.0)
      sqlite3 (~> 2.0.0)
      terminal-table (~> 3.0.0)

GEM
  remote: https://rubygems.org/
  specs:
    browser (5.3.1)
    debug (1.9.2)
      irb (~> 1.10)
      reline (>= 0.3.8)
    io-console (0.7.2)
    ipaddr (1.2.6)
    irb (1.14.0)
      rdoc (>= 4.0.0)
      reline (>= 0.4.2)
    iso_country_codes (0.7.8)
    mini_portile2 (2.8.7)
    minitest (5.24.1)
    psych (5.1.2)
      stringio
    rake (13.2.1)
    rdoc (6.7.0)
      psych (>= 4.0.0)
    reline (0.5.9)
      io-console (~> 0.5)
    sqlite3 (2.0.3)
      mini_portile2 (~> 2.8.0)
    stringio (3.1.1)
    terminal-table (3.0.2)
      unicode-display_width (>= 1.1.1, < 3)
    unicode-display_width (2.5.0)

PLATFORMS
  ruby

DEPENDENCIES
  debug (~> 1.9.0)
  log_sense!
  minitest (~> 5.24.0)
  rake (~> 13.0)

BUNDLED WITH
   2.5.3
