PATH
  remote: .
  specs:
    log_sense (1.7.0)
      browser
      ipaddr
      iso_country_codes
      sqlite3
      terminal-table

GEM
  remote: https://rubygems.org/
  specs:
    browser (5.3.1)
    debug (1.9.2)
      irb (~> 1.10)
      reline (>= 0.3.8)
    io-console (0.7.2)
    ipaddr (1.2.6)
    irb (1.13.1)
      rdoc (>= 4.0.0)
      reline (>= 0.4.2)
    iso_country_codes (0.7.8)
    mini_portile2 (2.8.7)
    minitest (5.23.1)
    psych (5.1.2)
      stringio
    rake (12.3.3)
    rdoc (6.7.0)
      psych (>= 4.0.0)
    reline (0.5.8)
      io-console (~> 0.5)
    sqlite3 (2.0.2)
      mini_portile2 (~> 2.8.0)
    stringio (3.1.0)
    terminal-table (3.0.2)
      unicode-display_width (>= 1.1.1, < 3)
    unicode-display_width (2.5.0)

PLATFORMS
  ruby

DEPENDENCIES
  debug
  log_sense!
  minitest
  rake (~> 12.0)

BUNDLED WITH
   2.5.3
